GEM
  remote: https://rubygems.org/
  specs:
    addressable (2.3.3)
    cookiejar (0.3.0)
    dnsruby (1.53)
    em-http-request (1.0.3)
      addressable (>= 2.2.3)
      cookiejar
      em-socksify
      eventmachine (>= 1.0.0.beta.4)
      http_parser.rb (>= 0.5.3)
    em-socksify (0.2.1)
      eventmachine (>= 1.0.0.beta.4)
    em-synchrony (1.0.3)
      eventmachine (>= 1.0.0.beta.1)
    em-whois (0.3.0)
      em-synchrony
      whois (= 2.7.0)
    eventmachine (1.0.3)
    htmlentities (4.3.1)
    http_parser.rb (0.5.3)
    json (1.7.7)
    psych (2.0.0)
    whois (2.7.0)

PLATFORMS
  ruby

DEPENDENCIES
  dnsruby
  em-http-request
  em-whois
  eventmachine
  htmlentities
  json
  psych
